GEM
  remote: https://rubygems.org/
  specs:
    chronic (0.10.2)
    colorize (0.7.7)
    rainbow (2.1.0)

PLATFORMS
  ruby

DEPENDENCIES
  chronic
  colorize
  rainbow

BUNDLED WITH
   1.12.5
